RESTRICTION: == net462
NUGET
  remote: https://www.nuget.org/api/v2
    Autofac (4.6)
    Autofac.Extensions.DependencyInjection (4.2)
      Autofac (>= 4.0)
      Microsoft.Extensions.DependencyInjection.Abstractions (>= 1.1)
      NETStandard.Library (>= 1.6)
    EntityFramework (6.1.3)
    Microsoft.AspNetCore.Cors (1.1.2)
      Microsoft.AspNetCore.Http.Extensions (>= 1.1.2)
      Microsoft.Extensions.Configuration.Abstractions (>= 1.1.2)
      Microsoft.Extensions.DependencyInjection.Abstractions (>= 1.1.1)
      Microsoft.Extensions.Options (>= 1.1.2)
      NETStandard.Library (>= 1.6.1)
    Microsoft.AspNetCore.Hosting (1.1.2)
      Microsoft.AspNetCore.Hosting.Abstractions (>= 1.1.2)
      Microsoft.AspNetCore.Hosting.Server.Abstractions (>= 1.1.2)
      Microsoft.AspNetCore.Http (>= 1.1.2)
      Microsoft.AspNetCore.Http.Extensions (>= 1.1.2)
      Microsoft.Extensions.Configuration (>= 1.1.2)
      Microsoft.Extensions.Configuration.EnvironmentVariables (>= 1.1.2)
      Microsoft.Extensions.DependencyInjection (>= 1.1.1)
      Microsoft.Extensions.FileProviders.Physical (>= 1.1.1)
      Microsoft.Extensions.Logging (>= 1.1.2)
      Microsoft.Extensions.Options (>= 1.1.2)
      Microsoft.Extensions.PlatformAbstractions (>= 1.1)
      NETStandard.Library (>= 1.6.1)
      System.Diagnostics.DiagnosticSource (>= 4.3.1)
      System.Reflection.Metadata (>= 1.4.1)
    Microsoft.AspNetCore.Hosting.Abstractions (1.1.2)
      Microsoft.AspNetCore.Hosting.Server.Abstractions (>= 1.1.2)
      Microsoft.AspNetCore.Http.Abstractions (>= 1.1.2)
      Microsoft.Extensions.Configuration.Abstractions (>= 1.1.2)
      Microsoft.Extensions.DependencyInjection.Abstractions (>= 1.1.1)
      Microsoft.Extensions.FileProviders.Abstractions (>= 1.1.1)
      Microsoft.Extensions.Logging.Abstractions (>= 1.1.2)
      NETStandard.Library (>= 1.6.1)
    Microsoft.AspNetCore.Hosting.Server.Abstractions (1.1.2)
      Microsoft.AspNetCore.Http.Features (>= 1.1.2)
      Microsoft.Extensions.Configuration.Abstractions (>= 1.1.2)
      NETStandard.Library (>= 1.6.1)
    Microsoft.AspNetCore.Http (1.1.2)
      Microsoft.AspNetCore.Http.Abstractions (>= 1.1.2)
      Microsoft.AspNetCore.WebUtilities (>= 1.1.2)
      Microsoft.Extensions.ObjectPool (>= 1.1.1)
      Microsoft.Extensions.Options (>= 1.1.2)
      Microsoft.Net.Http.Headers (>= 1.1.2)
      NETStandard.Library (>= 1.6.1)
      System.Buffers (>= 4.3)
    Microsoft.AspNetCore.Http.Abstractions (1.1.2)
      Microsoft.AspNetCore.Http.Features (>= 1.1.2)
      Microsoft.Extensions.Primitives (>= 1.1.1)
      NETStandard.Library (>= 1.6.1)
      System.Text.Encodings.Web (>= 4.3.1)
    Microsoft.AspNetCore.Http.Extensions (1.1.2)
      Microsoft.AspNetCore.Http.Abstractions (>= 1.1.2)
      Microsoft.Extensions.FileProviders.Abstractions (>= 1.1.1)
      Microsoft.Net.Http.Headers (>= 1.1.2)
      NETStandard.Library (>= 1.6.1)
      System.Buffers (>= 4.3)
    Microsoft.AspNetCore.Http.Features (1.1.2)
      Microsoft.Extensions.Primitives (>= 1.1.1)
      NETStandard.Library (>= 1.6.1)
    Microsoft.AspNetCore.HttpOverrides (1.1.2)
      Microsoft.AspNetCore.Http.Extensions (>= 1.1.2)
      Microsoft.Extensions.Logging.Abstractions (>= 1.1.2)
      Microsoft.Extensions.Options (>= 1.1.2)
      NETStandard.Library (>= 1.6.1)
    Microsoft.AspNetCore.Routing.Abstractions (1.1.2)
      Microsoft.AspNetCore.Http.Abstractions (>= 1.1.2)
      NETStandard.Library (>= 1.6.1)
    Microsoft.AspNetCore.Server.IISIntegration (1.1.2)
      Microsoft.AspNetCore.Hosting.Abstractions (>= 1.1.2)
      Microsoft.AspNetCore.Http (>= 1.1.2)
      Microsoft.AspNetCore.Http.Extensions (>= 1.1.2)
      Microsoft.AspNetCore.HttpOverrides (>= 1.1.2)
      Microsoft.Extensions.Logging.Abstractions (>= 1.1.2)
      Microsoft.Extensions.Options (>= 1.1.2)
      NETStandard.Library (>= 1.6.1)
    Microsoft.AspNetCore.TestHost (1.1.2)
      Microsoft.AspNetCore.Hosting (>= 1.1.2)
      NETStandard.Library (>= 1.6.1)
    Microsoft.AspNetCore.WebUtilities (1.1.2)
      Microsoft.Extensions.Primitives (>= 1.1.1)
      Microsoft.Net.Http.Headers (>= 1.1.2)
      NETStandard.Library (>= 1.6.1)
      System.Buffers (>= 4.3)
      System.Text.Encodings.Web (>= 4.3.1)
    Microsoft.Extensions.Configuration (1.1.2)
      Microsoft.Extensions.Configuration.Abstractions (>= 1.1.2)
      NETStandard.Library (>= 1.6.1)
    Microsoft.Extensions.Configuration.Abstractions (1.1.2)
      Microsoft.Extensions.Primitives (>= 1.1.1)
      NETStandard.Library (>= 1.6.1)
    Microsoft.Extensions.Configuration.CommandLine (1.1.2)
      Microsoft.Extensions.Configuration (>= 1.1.2)
      NETStandard.Library (>= 1.6.1)
    Microsoft.Extensions.Configuration.EnvironmentVariables (1.1.2)
      Microsoft.Extensions.Configuration (>= 1.1.2)
      NETStandard.Library (>= 1.6.1)
    Microsoft.Extensions.DependencyInjection (1.1.1)
      Microsoft.Extensions.DependencyInjection.Abstractions (>= 1.1.1)
      NETStandard.Library (>= 1.6.1)
    Microsoft.Extensions.DependencyInjection.Abstractions (1.1.1)
      NETStandard.Library (>= 1.6.1)
      System.ComponentModel (>= 4.3)
    Microsoft.Extensions.FileProviders.Abstractions (1.1.1)
      Microsoft.Extensions.Primitives (>= 1.1.1)
      NETStandard.Library (>= 1.6.1)
    Microsoft.Extensions.FileProviders.Physical (1.1.1)
      Microsoft.Extensions.FileProviders.Abstractions (>= 1.1.1)
      Microsoft.Extensions.FileSystemGlobbing (>= 1.1.1)
      NETStandard.Library (>= 1.6.1)
    Microsoft.Extensions.FileSystemGlobbing (1.1.1)
      NETStandard.Library (>= 1.6.1)
    Microsoft.Extensions.Logging (1.1.2)
      Microsoft.Extensions.DependencyInjection.Abstractions (>= 1.1.1)
      Microsoft.Extensions.Logging.Abstractions (>= 1.1.2)
      NETStandard.Library (>= 1.6.1)
    Microsoft.Extensions.Logging.Abstractions (1.1.2)
      NETStandard.Library (>= 1.6.1)
    Microsoft.Extensions.ObjectPool (1.1.1)
      NETStandard.Library (>= 1.6.1)
    Microsoft.Extensions.Options (1.1.2)
      Microsoft.Extensions.DependencyInjection.Abstractions (>= 1.1.1)
      Microsoft.Extensions.Primitives (>= 1.1.1)
      NETStandard.Library (>= 1.6.1)
      System.ComponentModel (>= 4.3)
    Microsoft.Extensions.PlatformAbstractions (1.1)
      NETStandard.Library (>= 1.6.1)
    Microsoft.Extensions.Primitives (1.1.1)
      NETStandard.Library (>= 1.6.1)
      System.Runtime.CompilerServices.Unsafe (>= 4.3)
    Microsoft.Net.Http.Headers (1.1.2)
      Microsoft.Extensions.Primitives (>= 1.1.1)
      NETStandard.Library (>= 1.6.1)
      System.Buffers (>= 4.3)
      System.Diagnostics.Contracts (>= 4.3)
    Microsoft.NETCore.Platforms (1.1)
    Microsoft.Win32.Primitives (4.3)
    NETStandard.Library (1.6.1)
      Microsoft.NETCore.Platforms (>= 1.1)
      Microsoft.Win32.Primitives (>= 4.3)
      System.AppContext (>= 4.3)
      System.Collections (>= 4.3)
      System.Collections.Concurrent (>= 4.3)
      System.Console (>= 4.3)
      System.Diagnostics.Debug (>= 4.3)
      System.Diagnostics.Tools (>= 4.3)
      System.Diagnostics.Tracing (>= 4.3)
      System.Globalization (>= 4.3)
      System.Globalization.Calendars (>= 4.3)
      System.IO (>= 4.3)
      System.IO.Compression (>= 4.3)
      System.IO.Compression.ZipFile (>= 4.3)
      System.IO.FileSystem (>= 4.3)
      System.IO.FileSystem.Primitives (>= 4.3)
      System.Linq (>= 4.3)
      System.Linq.Expressions (>= 4.3)
      System.Net.Http (>= 4.3)
      System.Net.Primitives (>= 4.3)
      System.Net.Sockets (>= 4.3)
      System.ObjectModel (>= 4.3)
      System.Reflection (>= 4.3)
      System.Reflection.Extensions (>= 4.3)
      System.Reflection.Primitives (>= 4.3)
      System.Resources.ResourceManager (>= 4.3)
      System.Runtime (>= 4.3)
      System.Runtime.Extensions (>= 4.3)
      System.Runtime.Handles (>= 4.3)
      System.Runtime.InteropServices (>= 4.3)
      System.Runtime.InteropServices.RuntimeInformation (>= 4.3)
      System.Runtime.Numerics (>= 4.3)
      System.Security.Cryptography.Algorithms (>= 4.3)
      System.Security.Cryptography.Encoding (>= 4.3)
      System.Security.Cryptography.Primitives (>= 4.3)
      System.Security.Cryptography.X509Certificates (>= 4.3)
      System.Text.Encoding (>= 4.3)
      System.Text.Encoding.Extensions (>= 4.3)
      System.Text.RegularExpressions (>= 4.3)
      System.Threading (>= 4.3)
      System.Threading.Tasks (>= 4.3)
      System.Threading.Timer (>= 4.3)
      System.Xml.ReaderWriter (>= 4.3)
      System.Xml.XDocument (>= 4.3)
    Newtonsoft.Json (10.0.3)
    NLog (5.0.0-beta09)
    NLog.Extensions.Logging (1.0.0-rtm-beta5)
      Microsoft.Extensions.Logging.Abstractions (>= 1.0.2)
      NLog (>= 4.4.9)
    NLog.Web.AspNetCore (4.4.1)
      Microsoft.AspNetCore.Hosting.Abstractions (>= 1.1.1)
      Microsoft.AspNetCore.Http.Extensions (>= 1.1.1)
      Microsoft.AspNetCore.Routing.Abstractions (>= 1.1.1)
      Microsoft.Extensions.PlatformAbstractions (>= 1.0)
      NLog (>= 5.0.0-beta07)
      NLog.Extensions.Logging (>= 1.0.0-rtm-beta5)
      System.ValueTuple (>= 4.3)
    System.AppContext (4.3)
    System.Buffers (4.3)
    System.Collections (4.3)
    System.Collections.Concurrent (4.3)
    System.Collections.Immutable (1.3.1)
    System.ComponentModel (4.3)
    System.Console (4.3)
    System.Diagnostics.Contracts (4.3)
    System.Diagnostics.Debug (4.3)
    System.Diagnostics.DiagnosticSource (4.4)
    System.Diagnostics.Tools (4.3)
    System.Diagnostics.Tracing (4.3)
    System.Globalization (4.3)
    System.Globalization.Calendars (4.3)
    System.IO (4.3)
    System.IO.Compression (4.3)
    System.IO.Compression.ZipFile (4.3)
    System.IO.FileSystem (4.3)
      System.IO.FileSystem.Primitives (>= 4.3)
    System.IO.FileSystem.Primitives (4.3)
    System.Linq (4.3)
    System.Linq.Expressions (4.3)
    System.Net.Http (4.3.2)
      System.Security.Cryptography.X509Certificates (>= 4.3)
    System.Net.Primitives (4.3)
    System.Net.Sockets (4.3)
    System.ObjectModel (4.3)
    System.Reflection (4.3)
    System.Reflection.Extensions (4.3)
    System.Reflection.Metadata (1.4.2)
      System.Collections.Immutable (>= 1.3.1)
    System.Reflection.Primitives (4.3)
    System.Resources.ResourceManager (4.3)
    System.Runtime (4.3)
    System.Runtime.CompilerServices.Unsafe (4.3)
    System.Runtime.Extensions (4.3)
    System.Runtime.Handles (4.3)
    System.Runtime.InteropServices (4.3)
      System.Runtime (>= 4.3)
    System.Runtime.InteropServices.RuntimeInformation (4.3)
    System.Runtime.Numerics (4.3)
    System.Security.Cryptography.Algorithms (4.3)
      System.Security.Cryptography.Primitives (>= 4.3)
    System.Security.Cryptography.Encoding (4.3)
    System.Security.Cryptography.Primitives (4.3)
    System.Security.Cryptography.X509Certificates (4.3)
      System.Security.Cryptography.Algorithms (>= 4.3)
      System.Security.Cryptography.Encoding (>= 4.3)
    System.Text.Encoding (4.3)
    System.Text.Encoding.Extensions (4.3)
    System.Text.Encodings.Web (4.3.1)
    System.Text.RegularExpressions (4.3)
    System.Threading (4.3)
    System.Threading.Tasks (4.3)
    System.Threading.Timer (4.3)
    System.ValueTuple (4.3.1)
    System.Xml.ReaderWriter (4.3)
    System.Xml.XDocument (4.3)
